GEM
  remote: http://rubygems.org/
  specs:
    actionmailer (2.3.5)
      actionpack (= 2.3.5)
    actionpack (2.3.5)
      activesupport (= 2.3.5)
      rack (~> 1.0.0)
    activerecord (2.3.5)
      activesupport (= 2.3.5)
    activeresource (2.3.5)
      activesupport (= 2.3.5)
    activesupport (2.3.5)
    authlogic (2.1.3)
      activesupport
    builder (3.0.0)
    cancan (1.0.2)
    compass (0.8.17)
      haml (>= 2.2.0)
    cucumber (0.10.0)
      builder (>= 2.1.2)
      diff-lcs (~> 1.1.2)
      gherkin (~> 2.3.2)
      json (~> 1.4.6)
      term-ansicolor (~> 1.0.5)
    cucumber-rails (0.3.0)
      cucumber (>= 0.6.2)
    daemons (1.0.10)
    database_cleaner (0.5.2)
    diff-lcs (1.1.2)
    email_spec (0.6.2)
    friendly_id (3.0.2)
      activerecord (>= 2.2)
      activesupport (>= 2.2)
    gem_plugin (0.2.3)
    gherkin (2.3.3)
      json (~> 1.4.6)
    haml (2.2.23)
    hoe (2.8.0)
      rake (>= 0.8.7)
    json (1.4.6)
    mongrel (1.2.0.pre2)
      daemons (~> 1.0.10)
      gem_plugin (~> 0.2.3)
    nokogiri (1.4.4)
    pg (0.9.0)
    rack (1.0.1)
    rack-test (0.5.7)
      rack (>= 1.0)
    rails (2.3.5)
      actionmailer (= 2.3.5)
      actionpack (= 2.3.5)
      activerecord (= 2.3.5)
      activeresource (= 2.3.5)
      activesupport (= 2.3.5)
      rake (>= 0.8.3)
    rake (0.8.7)
    rspec (1.3.0)
    rspec-rails (1.3.2)
      rack (>= 1.0.0)
      rspec (>= 1.3.0)
    sanitize (1.2.0)
      nokogiri (~> 1.4.1)
    shoulda (2.11.3)
    spork (0.8.2)
    term-ansicolor (1.0.5)
    test-unit (1.2.3)
      hoe (>= 1.5.1)
    webrat (0.7.0)
      nokogiri (>= 1.2.0)
      rack (>= 1.0)
      rack-test (>= 0.5.3)
    will_paginate (2.3.12)
    xapian-fu (1.1.2)
    xapor (0.1.6)
      xapian-fu (>= 1.1.0)

PLATFORMS
  ruby

DEPENDENCIES
  authlogic (= 2.1.3)
  cancan (= 1.0.2)
  compass (= 0.8.17)
  cucumber-rails (= 0.3.0)
  database_cleaner (= 0.5.2)
  email_spec (= 0.6.2)
  friendly_id (= 3.0.2)
  haml (= 2.2.23)
  mongrel (= 1.2.0.pre2)
  pg (= 0.9.0)
  rails (= 2.3.5)
  rspec (= 1.3.0)
  rspec-rails (= 1.3.2)
  sanitize (= 1.2.0)
  shoulda
  spork (= 0.8.2)
  test-unit (= 1.2.3)
  webrat (= 0.7.0)
  will_paginate (= 2.3.12)
  xapor (>= 0.1.5)
